GIT
  remote: git://github.com/cameel/gettext.git
  revision: f0b90f9d68a37fcba5c3f0b4eb1f7593185a7c2a
  specs:
    gettext (2.1.0)
      locale (>= 2.0.5)

GEM
  remote: http://rubygems.org/
  specs:
    actionmailer (3.2.1)
      actionpack (= 3.2.1)
      mail (~> 2.4.0)
    actionpack (3.2.1)
      activemodel (= 3.2.1)
      activesupport (= 3.2.1)
      builder (~> 3.0.0)
      erubis (~> 2.7.0)
      journey (~> 1.0.1)
      rack (~> 1.4.0)
      rack-cache (~> 1.1)
      rack-test (~> 0.6.1)
      sprockets (~> 2.1.2)
    activemodel (3.2.1)
      activesupport (= 3.2.1)
      builder (~> 3.0.0)
    activerecord (3.2.1)
      activemodel (= 3.2.1)
      activesupport (= 3.2.1)
      arel (~> 3.0.0)
      tzinfo (~> 0.3.29)
    activeresource (3.2.1)
      activemodel (= 3.2.1)
      activesupport (= 3.2.1)
    activesupport (3.2.1)
      i18n (~> 0.6)
      multi_json (~> 1.0)
    addressable (2.2.6)
    arel (3.0.0)
    authlogic (3.1.0)
      activerecord (>= 3.0.7)
      activerecord (>= 3.0.7)
    aws-s3 (0.6.2)
      builder
      mime-types
      xml-simple
    aws-sdk (1.3.3)
      httparty (~> 0.7)
      json (~> 1.4)
      nokogiri (>= 1.4.4)
      uuidtools (~> 2.1)
    builder (3.0.0)
    cancan (1.6.7)
    capybara (1.1.2)
      mime-types (>= 1.16)
      nokogiri (>= 1.3.3)
      rack (>= 1.0.0)
      rack-test (>= 0.5.4)
      selenium-webdriver (~> 2.0)
      xpath (~> 0.1.4)
    capybara-webkit (0.8.0)
      capybara (>= 1.0.0, < 1.2)
      json
    carrierwave (0.5.8)
      activesupport (~> 3.0)
    childprocess (0.3.0)
      ffi (~> 1.0.6)
    chunky_png (1.2.5)
    cocaine (0.2.1)
    coffee-rails (3.2.2)
      coffee-script (>= 2.2.0)
      railties (~> 3.2.0)
    coffee-script (2.2.0)
      coffee-script-source
      execjs
    coffee-script-source (1.2.0)
    compass (0.12.rc.1)
      chunky_png (~> 1.2)
      fssm (>= 0.2.7)
      sass (~> 3.1)
    compass-rails (1.0.0.rc.2)
      compass (~> 0.12.rc.0)
    daemons (1.1.6)
    database_cleaner (0.7.1)
    diff-lcs (1.1.3)
    ejs (1.0.0)
    erubis (2.7.0)
    escape_utils (0.2.4)
    eventmachine (0.12.10)
    excon (0.9.5)
    execjs (1.3.0)
      multi_json (~> 1.0)
    factory_girl (2.5.0)
      activesupport
    factory_girl_rails (1.6.0)
      factory_girl (~> 2.5.0)
      railties (>= 3.0.0)
    fast_gettext (0.6.4)
    ffaker (1.12.1)
    ffi (1.0.11)
    fog (1.1.2)
      builder
      excon (~> 0.9.0)
      formatador (~> 0.2.0)
      mime-types
      multi_json (~> 1.0.3)
      net-scp (~> 1.0.4)
      net-ssh (>= 2.1.3)
      nokogiri (~> 1.5.0)
      ruby-hmac
    formatador (0.2.1)
    fssm (0.2.8.1)
    gettext_i18n_rails (0.4.3)
      fast_gettext
    guard (1.0.0)
      ffi (>= 0.5.0)
      thor (~> 0.14.6)
    guard-spork (0.5.2)
      guard (>= 0.10.0)
      spork (>= 0.8.4)
    haml (3.1.4)
    haml-rails (0.3.4)
      actionpack (~> 3.0)
      activesupport (~> 3.0)
      haml (~> 3.0)
      railties (~> 3.0)
    heroku (2.19.2)
      launchy (>= 0.3.2)
      rest-client (~> 1.6.1)
      rubyzip
      term-ansicolor (~> 1.0.5)
    hike (1.2.1)
    httparty (0.8.1)
      multi_json
      multi_xml
    i18n (0.6.0)
    journey (1.0.1)
    jquery-rails (2.0.0)
      railties (>= 3.2.0.beta, < 5.0)
      thor (~> 0.14)
    json (1.6.5)
    launchy (2.0.5)
      addressable (~> 2.2.6)
    libnotify (0.7.2)
    libv8 (3.3.10.4)
    locale (2.0.5)
    mail (2.4.1)
      i18n (>= 0.4.0)
      mime-types (~> 1.16)
      treetop (~> 1.4.8)
    mime-types (1.17.2)
    multi_json (1.0.4)
    multi_xml (0.4.1)
    mysql2 (0.3.11)
    net-scp (1.0.4)
      net-ssh (>= 1.99.1)
    net-ssh (2.3.0)
    nokogiri (1.5.0)
    paperclip (2.5.2)
      activerecord (>= 2.3.0)
      activesupport (>= 2.3.2)
      cocaine (>= 0.0.2)
      mime-types
    pg (0.12.2)
    polyglot (0.3.3)
    rack (1.4.1)
    rack-cache (1.1)
      rack (>= 0.4)
    rack-ssl (1.3.2)
      rack
    rack-test (0.6.1)
      rack (>= 1.0)
    rails (3.2.1)
      actionmailer (= 3.2.1)
      actionpack (= 3.2.1)
      activerecord (= 3.2.1)
      activeresource (= 3.2.1)
      activesupport (= 3.2.1)
      bundler (~> 1.0)
      railties (= 3.2.1)
    rails-backbone (0.6.1)
      coffee-script (~> 2.2.0)
      ejs (~> 1.0.0)
      railties (>= 3.1.0)
    railties (3.2.1)
      actionpack (= 3.2.1)
      activesupport (= 3.2.1)
      rack-ssl (~> 1.3.2)
      rake (>= 0.8.7)
      rdoc (~> 3.4)
      thor (~> 0.14.6)
    rake (0.9.2.2)
    rb-inotify (0.8.8)
      ffi (>= 0.5.0)
    rdoc (3.12)
      json (~> 1.4)
    rest-client (1.6.7)
      mime-types (>= 1.16)
    rspec (2.8.0)
      rspec-core (~> 2.8.0)
      rspec-expectations (~> 2.8.0)
      rspec-mocks (~> 2.8.0)
    rspec-core (2.8.0)
    rspec-expectations (2.8.0)
      diff-lcs (~> 1.1.2)
    rspec-mocks (2.8.0)
    rspec-rails (2.8.1)
      actionpack (>= 3.0)
      activesupport (>= 3.0)
      railties (>= 3.0)
      rspec (~> 2.8.0)
    ruby-hmac (0.4.0)
    ruby_parser (2.0.6)
      sexp_processor (~> 3.0)
    rubyzip (0.9.5)
    sass (3.1.12)
    sass-rails (3.2.4)
      railties (~> 3.2.0)
      sass (>= 3.1.10)
      tilt (~> 1.3)
    selenium-webdriver (2.18.0)
      childprocess (>= 0.2.5)
      ffi (~> 1.0.9)
      multi_json (~> 1.0.4)
      rubyzip
    sexp_processor (3.0.10)
    simplecov (0.5.4)
      multi_json (~> 1.0.3)
      simplecov-html (~> 0.5.3)
    simplecov-html (0.5.3)
    simplecov-rcov (0.2.3)
      simplecov (>= 0.4.1)
    sitemap_generator (3.0.0)
      builder
    spork (0.9.0)
    sprockets (2.1.2)
      hike (~> 1.2)
      rack (~> 1.0)
      tilt (~> 1.1, != 1.3.0)
    steak (2.0.0)
      capybara (>= 1.0.0)
      rspec-rails (>= 2.5.0)
    term-ansicolor (1.0.7)
    therubyracer (0.9.9)
      libv8 (~> 3.3.10)
    thin (1.3.1)
      daemons (>= 1.0.9)
      eventmachine (>= 0.12.6)
      rack (>= 1.0.0)
    thor (0.14.6)
    tilt (1.3.3)
    treetop (1.4.10)
      polyglot
      polyglot (>= 0.3.1)
    tzinfo (0.3.31)
    uglifier (1.2.3)
      execjs (>= 0.3.0)
      multi_json (>= 1.0.2)
    uuidtools (2.1.2)
    will_paginate (3.0.3)
    xml-simple (1.1.1)
    xpath (0.1.4)
      nokogiri (~> 1.3)

PLATFORMS
  ruby

DEPENDENCIES
  authlogic
  aws-s3
  aws-sdk
  cancan
  capybara
  capybara-webkit
  carrierwave
  coffee-rails (~> 3.2.1)
  compass
  compass-rails
  database_cleaner
  escape_utils
  factory_girl_rails
  fast_gettext
  ffaker
  fog
  gettext!
  gettext_i18n_rails
  guard-spork
  haml-rails
  heroku
  jquery-rails
  launchy
  libnotify
  mysql2
  paperclip
  pg
  rails (~> 3.2.0)
  rails-backbone
  rake (~> 0.9.2)
  rb-inotify
  rspec-rails
  ruby_parser (~> 2.0.4)
  sass-rails (~> 3.2.3)
  simplecov
  simplecov-rcov
  sitemap_generator (> 2.0.1.pre)
  spork (~> 0.9.0.rc)
  steak
  therubyracer
  thin
  uglifier (>= 1.0.3)
  will_paginate
